GEM
  remote: https://rubygems.org/
  specs:
    aws-sdk (2.2.9)
      aws-sdk-resources (= 2.2.9)
    aws-sdk-core (2.2.9)
      jmespath (~> 1.0)
    aws-sdk-resources (2.2.9)
      aws-sdk-core (= 2.2.9)
    dotenv (2.0.2)
    jmespath (1.1.3)
    simple_color (1.1.0)

PLATFORMS
  ruby

DEPENDENCIES
  aws-sdk
  dotenv
  simple_color

BUNDLED WITH
   1.10.6
